PATH
  remote: .
  specs:
    treant (1.0.0)

GEM
  remote: https://rubygems.org/
  specs:
    rake (12.3.1)

PLATFORMS
  ruby

DEPENDENCIES
  bundler (~> 1.16)
  rake (~> 12.0)
  treant!

BUNDLED WITH
   1.16.2
